GEM
  remote: http://rubygems.org/
  specs:
    byebug (8.2.1)
    daemons (1.2.3)
    eventmachine (1.0.9.1)
    rack (1.6.4)
    rack-protection (1.5.3)
      rack
    sinatra (1.4.6)
      rack (~> 1.4)
      rack-protection (~> 1.4)
      tilt (>= 1.3, < 3)
    thin (1.6.4)
      daemons (~> 1.0, >= 1.0.9)
      eventmachine (~> 1.0, >= 1.0.4)
      rack (~> 1.0)
    tilt (2.0.2)

PLATFORMS
  ruby

DEPENDENCIES
  byebug
  sinatra
  thin

BUNDLED WITH
   1.11.2
